GEM
  remote: http://rubygems.org/
  specs:
    activesupport (3.2.1)
      i18n (~> 0.6)
      multi_json (~> 1.0)
    chunky_png (1.2.5)
    coffee-script (2.2.0)
      coffee-script-source
      execjs
    coffee-script-source (1.2.0)
    compass (0.11.7)
      chunky_png (~> 1.2)
      fssm (>= 0.2.7)
      sass (~> 3.1)
    erubis (2.7.0)
    execjs (1.3.0)
      multi_json (~> 1.0)
    fssm (0.2.8.1)
    hike (1.2.1)
    i18n (0.6.0)
    multi_json (1.1.0)
    rack (1.4.1)
    sass (3.1.15)
    sprockets (2.3.1)
      hike (~> 1.2)
      multi_json (~> 1.0)
      rack (~> 1.0)
      tilt (~> 1.1, != 1.3.0)
    tilt (1.3.3)
    uglifier (1.2.3)
      execjs (>= 0.3.0)
      multi_json (>= 1.0.2)

PLATFORMS
  ruby

DEPENDENCIES
  activesupport (>= 3.1)
  coffee-script (= 2.2.0)
  compass (~> 0.11)
  erubis
  i18n (~> 0.6)
  rack (~> 1.3)
  sass (~> 3.1)
  sprockets (~> 2.0)
  tilt (~> 1.3)
  uglifier
