GEM
  remote: http://rubygems.org/
  specs:
    addressable (2.2.7)
    em-websocket (0.3.6)
      addressable (>= 2.1.1)
      eventmachine (>= 0.12.9)
    eventmachine (1.0.0.beta.4)

PLATFORMS
  ruby

DEPENDENCIES
  em-websocket
  eventmachine
